NUGET
  remote: https://www.nuget.org/api/v2
  specs:
    CommonServiceLocator (1.3) - framework: net451
    FluentAssertions (4.12) - framework: net451
    NUnit (2.6.4) - framework: net451
    System.Collections.Immutable (1.1.36) - framework: net451
    System.Reactive (3.0) - framework: net451
      System.Reactive.Core (>= 3.0)
      System.Reactive.Interfaces (>= 3.0)
      System.Reactive.Linq (>= 3.0)
      System.Reactive.PlatformServices (>= 3.0)
      System.Reactive.Windows.Threading (>= 3.0)
    System.Reactive.Core (3.0) - framework: net451
      System.Reactive.Interfaces (>= 3.0)
    System.Reactive.Interfaces (3.0) - framework: net451
    System.Reactive.Linq (3.0) - framework: net451
    System.Reactive.PlatformServices (3.0) - framework: net451
      System.Reactive.Core (>= 3.0)
      System.Reactive.Interfaces (>= 3.0)
    System.Reactive.Windows.Threading (3.0) - framework: net451
      System.Reactive.Core (>= 3.0)
    Unity (4.0.1) - framework: net451
      CommonServiceLocator (>= 1.3)
